GEM
  remote: http://rubygems.org/
  specs:
    activesupport (3.2.12)
      i18n (~> 0.6)
      multi_json (~> 1.0)
    addressable (2.3.3)
    archive-tar-minitar (0.5.2)
    awesome_print (1.1.0)
    backports (2.6.7)
    builder (3.2.0)
    celluloid (0.13.0)
      timers (>= 1.0.0)
    celluloid-io (0.13.0)
      celluloid (>= 0.13.0)
      nio4r (>= 0.4.0)
    certified (0.1.1)
    coderay (1.0.9)
    crack (0.3.2)
    cucumber (1.2.3)
      builder (>= 2.1.2)
      diff-lcs (>= 1.1.3)
      gherkin (~> 2.11.6)
      multi_json (~> 1.3)
    descendants_tracker (0.0.1)
    diff-lcs (1.2.1)
    excon (0.16.10)
    facets (2.9.3)
    faraday (0.8.7)
      multipart-post (~> 1.1)
    faraday_middleware (0.9.0)
      faraday (>= 0.7.4, < 0.9)
    ffi (1.3.1)
    formatador (0.2.4)
    frenetic (0.0.12)
      activesupport (>= 2)
      addressable (~> 2.2)
      faraday (~> 0.8.1)
      faraday_middleware (~> 0.9.0)
      rack-cache (~> 1.1)
    fuubar (1.1.0)
      rspec (~> 2.0)
      rspec-instafail (~> 0.2.0)
      ruby-progressbar (~> 1.0.0)
    gherkin (2.11.6)
      json (>= 1.7.6)
    growl (1.0.3)
    guard (1.7.0)
      formatador (>= 0.2.4)
      listen (>= 0.6.0)
      lumberjack (>= 1.0.2)
      pry (>= 0.9.10)
      thor (>= 0.14.6)
    guard-cucumber (1.3.2)
      cucumber (>= 1.2.0)
      guard (>= 1.1.0)
    guard-rack (1.3.1)
      ffi (~> 1.3.1)
      guard (~> 1.1)
      libnotify (~> 0.1.3)
      rb-inotify (>= 0.5.1)
      spoon (~> 0.0.1)
    guard-rspec (2.5.1)
      guard (>= 1.1)
      rspec (~> 2.11)
    heroku (2.35.0)
      heroku-api (~> 0.3.7)
      launchy (>= 0.3.2)
      netrc (~> 0.7.7)
      rest-client (~> 1.6.1)
      rubyzip
    heroku-api (0.3.8)
      excon (~> 0.16.10)
    http (0.4.0)
      certified
      http_parser.rb
    http_parser.rb (0.5.3)
    i18n (0.6.4)
    json (1.7.7)
    launchy (2.2.0)
      addressable (~> 2.3)
    libnotify (0.1.4)
      ffi (>= 0.6.2)
    listen (0.7.3)
    lumberjack (1.0.3)
    method_source (0.8.1)
    mime-types (1.21)
    multi_json (1.7.2)
    multipart-post (1.2.0)
    netrc (0.7.7)
    nio4r (0.4.3)
    nokogiri (1.5.9)
    pry (0.9.12)
      coderay (~> 1.0.5)
      method_source (~> 0.8)
      slop (~> 3.4)
    rack (1.5.2)
    rack-cache (1.2)
      rack (>= 0.4)
    rake (10.0.4)
    rb-fsevent (0.9.3)
    rb-inotify (0.9.0)
      ffi (>= 0.5.0)
    reel (0.3.0)
      celluloid-io (>= 0.8.0)
      http (>= 0.2.0)
      http_parser.rb (>= 0.5.3)
      rack (>= 1.4.0)
      websocket_parser (>= 0.1.0)
    relish (0.6)
      archive-tar-minitar (>= 0.5.2)
      json (>= 1.4.6)
      rest-client (>= 1.6.1)
    representable (1.3.5)
      multi_json
      nokogiri
    rest-client (1.6.7)
      mime-types (>= 1.16)
    roar (0.11.12)
      representable (>= 1.2.8)
    rspec (2.13.0)
      rspec-core (~> 2.13.0)
      rspec-expectations (~> 2.13.0)
      rspec-mocks (~> 2.13.0)
    rspec-core (2.13.1)
    rspec-expectations (2.13.0)
      diff-lcs (>= 1.1.3, < 2.0)
    rspec-instafail (0.2.4)
    rspec-mocks (2.13.0)
    ruby-progressbar (1.0.2)
    rubyzip (0.9.9)
    sass (3.2.7)
    slim (1.3.6)
      temple (~> 0.5.5)
      tilt (~> 1.3.3)
    slop (3.4.4)
    spoon (0.0.3)
      ffi
    state_machine (1.1.2)
    temple (0.5.5)
    term-ansicolor (1.1.4)
    terminal-notifier-guard (1.5.3)
    thor (0.18.0)
    tilt (1.3.6)
    timers (1.1.0)
    uuidtools (2.1.3)
    virtus (0.5.4)
      backports (~> 2.6.1)
      descendants_tracker (~> 0.0.1)
    webmachine (1.1.0)
      i18n (>= 0.4.0)
      multi_json
    webmock (1.11.0)
      addressable (>= 2.2.7)
      crack (>= 0.3.2)
    websocket_parser (0.1.2)
      http

PLATFORMS
  ruby

DEPENDENCIES
  awesome_print
  cucumber
  facets
  frenetic
  fuubar
  growl
  guard
  guard-cucumber
  guard-rack
  guard-rspec
  heroku
  pry
  rake
  rb-fsevent
  reel
  relish
  representable
  roar
  rspec
  sass
  slim
  state_machine
  term-ansicolor
  terminal-notifier-guard
  uuidtools
  virtus
  webmachine
  webmock
